PATH
  remote: .
  specs:
    TextExclude (0.1.0)

GEM
  remote: https://rubygems.org/
  specs:
    power_assert (1.1.1)
    rake (12.3.1)
    test-unit (3.2.7)
      power_assert

PLATFORMS
  ruby

DEPENDENCIES
  TextExclude!
  bundler (~> 1.16)
  rake (~> 12.3)
  test-unit (~> 3.2)

BUNDLED WITH
   1.16.1
